GEM
  remote: http://rubygems.org/
  specs:
    json (1.7.7)
    librarian-puppet (0.9.8)
      json
      thor (~> 0.15)
    thor (0.17.0)

PLATFORMS
  ruby

DEPENDENCIES
  librarian-puppet
