GIT
  remote: git://github.com/celluloid/reel.git
  revision: dba5c521b8f4ad6509c3634d5aa1c4adc8c9ec4c
  branch: master
  specs:
    reel (0.5.0.pre)
      celluloid (>= 0.15.1)
      celluloid-io (>= 0.15.0)
      http (>= 0.6.0.pre)
      http_parser.rb (>= 0.6.0)
      websocket_parser (>= 0.1.6)

GEM
  remote: https://rubygems.org/
  specs:
    celluloid (0.15.2)
      timers (~> 1.1.0)
    celluloid-io (0.15.0)
      celluloid (>= 0.15.0)
      nio4r (>= 0.5.0)
    faraday (0.9.0)
      multipart-post (>= 1.2, < 3)
    http (0.6.0)
      http_parser.rb (~> 0.6.0)
    http_parser.rb (0.6.0)
    json (1.8.1)
    multipart-post (2.0.0)
    nio4r (1.0.0)
    sqlite3 (1.3.9)
    timers (1.1.0)
    websocket_parser (0.1.6)

PLATFORMS
  ruby

DEPENDENCIES
  faraday
  json
  reel!
  sqlite3
